GEM
  remote: https://rubygems.org/
  specs:
    activemodel (5.1.4)
      activesupport (= 5.1.4)
    activerecord (5.1.4)
      activemodel (= 5.1.4)
      activesupport (= 5.1.4)
      arel (~> 8.0)
    activesupport (5.1.4)
      concurrent-ruby (~> 1.0, >= 1.0.2)
      i18n (~> 0.7)
      minitest (~> 5.1)
      tzinfo (~> 1.1)
    addressable (2.5.2)
      public_suffix (>= 2.0.2, < 4.0)
    arel (8.0.0)
    backports (3.11.0)
    builder (3.2.3)
    capybara (2.17.0)
      addressable
      mini_mime (>= 0.1.3)
      nokogiri (>= 1.3.3)
      rack (>= 1.0.0)
      rack-test (>= 0.5.4)
      xpath (>= 2.0, < 4.0)
    childprocess (0.8.0)
      ffi (~> 1.0, >= 1.0.11)
    concurrent-ruby (1.0.5)
    cucumber (3.1.0)
      builder (>= 2.1.2)
      cucumber-core (~> 3.1.0)
      cucumber-expressions (~> 5.0.4)
      cucumber-wire (~> 0.0.1)
      diff-lcs (~> 1.3)
      gherkin (~> 5.0)
      multi_json (>= 1.7.5, < 2.0)
      multi_test (>= 0.1.2)
    cucumber-core (3.1.0)
      backports (>= 3.8.0)
      cucumber-tag_expressions (~> 1.1.0)
      gherkin (>= 5.0.0)
    cucumber-expressions (5.0.7)
    cucumber-tag_expressions (1.1.1)
    cucumber-wire (0.0.1)
    diff-lcs (1.3)
    domain_name (0.5.20170404)
      unf (>= 0.0.5, < 1.0.0)
    ffi (1.9.18)
    gherkin (5.0.0)
    http (3.0.0)
      addressable (~> 2.3)
      http-cookie (~> 1.0)
      http-form_data (>= 2.0.0.pre.pre2, < 3)
      http_parser.rb (~> 0.6.0)
    http-cookie (1.0.3)
      domain_name (~> 0.5)
    http-form_data (2.0.0)
    http_parser.rb (0.6.0)
    httparty (0.15.6)
      multi_xml (>= 0.5.2)
    i18n (0.9.1)
      concurrent-ruby (~> 1.0)
    jar_wrapper (0.1.8)
      zip
    logger (1.2.8)
    mini_mime (1.0.0)
    mini_portile2 (2.3.0)
    minitest (5.10.3)
    multi_json (1.12.2)
    multi_test (0.1.2)
    multi_xml (0.6.0)
    nokogiri (1.8.1)
      mini_portile2 (~> 2.3.0)
    pg (0.21.0)
    public_suffix (3.0.1)
    rack (1.6.8)
    rack-protection (1.5.3)
      rack
    rack-test (0.8.2)
      rack (>= 1.0, < 3)
    rake (12.3.0)
    rspec (3.7.0)
      rspec-core (~> 3.7.0)
      rspec-expectations (~> 3.7.0)
      rspec-mocks (~> 3.7.0)
    rspec-core (3.7.1)
      rspec-support (~> 3.7.0)
    rspec-expectations (3.7.0)
      diff-lcs (>= 1.2.0, < 2.0)
      rspec-support (~> 3.7.0)
    rspec-mocks (3.7.0)
      diff-lcs (>= 1.2.0, < 2.0)
      rspec-support (~> 3.7.0)
    rspec-support (3.7.0)
    rubyzip (1.2.1)
    selenium (0.2.11)
      jar_wrapper
    selenium-webdriver (3.8.0)
      childprocess (~> 0.5)
      rubyzip (~> 1.0)
    sinatra (1.4.8)
      rack (~> 1.5)
      rack-protection (~> 1.4)
      tilt (>= 1.3, < 3)
    sinatra-contrib (1.4.7)
      backports (>= 2.0)
      multi_json
      rack-protection
      rack-test
      sinatra (~> 1.4.0)
      tilt (>= 1.3, < 3)
    sqlite3 (1.3.13)
    thread_safe (0.3.6)
    tilt (2.0.8)
    tzinfo (1.2.4)
      thread_safe (~> 0.1)
    unf (0.1.4)
      unf_ext
    unf_ext (0.0.7.4)
    xpath (3.0.0)
      nokogiri (~> 1.8)
    zip (2.0.2)

PLATFORMS
  ruby

DEPENDENCIES
  activerecord
  capybara
  cucumber
  http
  httparty
  logger
  pg
  rack
  rack-test
  rake
  rspec
  selenium
  selenium-webdriver
  sinatra
  sinatra-contrib
  sqlite3

BUNDLED WITH
   1.16.1
